GEM
  remote: http://rubygems.org/
  specs:
    addressable (2.2.7)
    bencode (0.7.0)
    em-http-request (0.3.0)
      addressable (>= 2.0.0)
      escape_utils
      eventmachine (>= 0.12.9)
    escape_utils (0.2.4)
    eventmachine (0.12.10)

PLATFORMS
  ruby

DEPENDENCIES
  bencode
  em-http-request
  eventmachine
