GEM
  remote: http://rubygems.org/
  specs:
    eventmachine (0.12.10)
    httparty (0.8.1)
      multi_json
      multi_xml
    multi_json (1.1.0)
    multi_xml (0.4.1)

PLATFORMS
  ruby

DEPENDENCIES
  eventmachine
  httparty
