GEM
  remote: http://rubygems.org/
  specs:
    bencode (0.7.0)
    httparty (0.8.1)
      multi_json
      multi_xml
    multi_json (1.1.0)
    multi_xml (0.4.1)
    trollop (1.16.2)

PLATFORMS
  ruby

DEPENDENCIES
  bencode
  httparty
  trollop
